RESTRICTION: == net471
NUGET
  remote: https://www.nuget.org/api/v2
    NUnit (3.11)
    NUnit.ConsoleRunner (3.9)
    NUnit.Extension.NUnitProjectLoader (3.6)
    NUnit.Extension.NUnitV2Driver (3.7)
    NUnit.Extension.NUnitV2ResultWriter (3.6)
    NUnit.Extension.TeamCityEventListener (1.0.5)
    NUnit.Extension.VSProjectLoader (3.8)
    NUnit.Runners (3.9)
      NUnit.ConsoleRunner (>= 3.9)
      NUnit.Extension.NUnitProjectLoader (>= 3.5)
      NUnit.Extension.NUnitV2Driver (>= 3.6)
      NUnit.Extension.NUnitV2ResultWriter (>= 3.5)
      NUnit.Extension.TeamCityEventListener (>= 1.0.3)
      NUnit.Extension.VSProjectLoader (>= 3.8)
    NUnit3TestAdapter (3.11.2)
    Should (1.1.20)
